GIT
  remote: git://github.com/robbin/goliath.git
  revision: 5af113ca8c5bdfdee789c5c776ef106f993f9aad
  specs:
    goliath (1.0.1)
      async-rack
      em-synchrony (>= 1.0.0)
      em-websocket (= 0.3.7)
      eventmachine (>= 1.0.0.beta.4)
      http_parser.rb (= 0.5.3)
      log4r
      multi_json
      rack (>= 1.2.2)
      rack-contrib
      rack-respond_to

GEM
  remote: https://rubygems.org/
  specs:
    addressable (2.3.3)
    async-rack (0.5.1)
      rack (~> 1.1)
    em-synchrony (1.0.3)
      eventmachine (>= 1.0.0.beta.1)
    em-websocket (0.3.7)
      addressable (>= 2.1.1)
      eventmachine (>= 0.12.9)
    eventmachine (1.0.3)
    http_parser.rb (0.5.3)
    log4r (1.1.10)
    multi_json (1.7.2)
    rack (1.5.2)
    rack-accept-media-types (0.9)
    rack-contrib (1.1.0)
      rack (>= 0.9.1)
    rack-respond_to (0.9.8)
      rack-accept-media-types (>= 0.6)

PLATFORMS
  ruby

DEPENDENCIES
  goliath!
